GEM
  remote: https://rubygems.org/
  specs:
    liquid (2.6.2)
    mini_portile (0.5.3)
    nokogiri (1.6.1)
      mini_portile (~> 0.5.0)
    redcarpet (3.1.1)
    subcommand (1.0.6)

PLATFORMS
  ruby

DEPENDENCIES
  liquid (= 2.6.2)
  nokogiri (= 1.6.1)
  redcarpet (= 3.1.1)
  subcommand (= 1.0.6)
